GEM
  remote: https://rubygems.org/
  specs:
    base64 (0.2.0)
    bigdecimal (3.1.8)
    csv (3.3.0)
    httparty (0.22.0)
      csv
      mini_mime (>= 1.0.0)
      multi_xml (>= 0.5.2)
    liquid (5.5.1)
    mini_mime (1.1.5)
    multi_xml (0.7.1)
      bigdecimal (~> 3.1)
    ostruct (0.6.0)
    rake (13.2.1)

PLATFORMS
  arm64-darwin-23
  ruby

DEPENDENCIES
  base64
  httparty
  liquid
  ostruct
  rake

BUNDLED WITH
   2.5.16
